{
  "AcquisitionMatrixPE": 64,
  "AcquisitionNumber": 1,
  "AcquisitionTime": "16:52:59.682500",
  "BandwidthPerPixelPhaseEncode": 30.637,
  "BaseResolution": 64,
  "BidsGuess": [
    "func",
    "_acq-epfid2_dir-AP_run-3_bold"
],
  "CoilCombinationMethod": "Sum of Squares",
  "CoilString": "C:HEA;HEP",
  "ConversionSoftware": "dcm2niix",
  "ConversionSoftwareVersion": "v1.0.20240202",
  "DerivedVendorReportedEchoSpacing": 0.000510004,
  "DeviceSerialNumber": "35119",
  "DwellTime": 3.5e-06,
  "EchoTime": 0.03,
  "EffectiveEchoSpacing": 0.000510004,
  "FlipAngle": 78,
  "HeudiconvVersion": "1.1.6",
  "ImageComments": "V",
  "ImageOrientationPatientDICOM": [1, 0, 0, 0, 0.930418, -0.366501],
  "ImageOrientationText": "Tra>Cor(-21.5)",
  "ImageType": [
    "ORIGINAL",
    "PRIMARY",
    "M",
    "ND",
    "MOSAIC"
],
  "ImagingFrequency": 123.251849,
  "InPlanePhaseEncodingDirectionDICOM": "COL",
  "InstitutionAddress": "Chaucer Road  15,Cambridge,UK,GB,CB2 2EF",
  "InstitutionName": "MRC-CBU",
  "MRAcquisitionType": "2D",
  "MagneticFieldStrength": 3,
  "Manufacturer": "Siemens",
  "ManufacturersModelName": "TrioTim",
  "MatrixCoilMode": "SENSE",
  "Modality": "MR",
  "NonlinearGradientCorrection": false,
  "PartialFourier": 1,
  "PatientPosition": "HFS",
  "PercentPhaseFOV": 100,
  "PercentSampling": 100,
  "PhaseEncodingDirection": "j-",
  "PhaseEncodingSteps": 64,
  "PhaseResolution": 1,
  "PixelBandwidth": 2230,
  "ProcedureStepDescription": "CBU^Neuroimaging",
  "ProtocolName": "CBU_DWEPI_BOLD210",
  "PulseSequenceDetails": "%SiemensSeq%\\ep2d_bold",
  "ReceiveCoilName": "HeadMatrix",
  "ReconMatrixPE": 64,
  "RepetitionTime": 2,
  "SAR": 0.139265,
  "ScanOptions": "FS",
  "ScanningSequence": "EP",
  "SequenceName": "*epfid2d1_64",
  "SequenceVariant": "SK",
  "SeriesDescription": "CBU_DWEPI_BOLD210",
  "SeriesNumber": 3,
  "ShimSetting": [-7830, -8787, -2019, 718, 120, -76, -200, 113],
  "SliceThickness": 3,
  "SliceTiming": [0, 1.035, 0.0625, 1.095, 0.1225, 1.1575, 0.1825, 1.2175, 0.245, 1.2775, 0.305, 1.34, 0.365, 1.4, 0.4275, 1.46, 0.4875, 1.5225, 0.5475, 1.5825, 0.61, 1.6425, 0.67, 1.705, 0.73, 1.765, 0.7925, 1.825, 0.8525, 1.8875, 0.9125, 1.9475, 0.975],
  "SoftwareVersions": "syngo MR B15",
  "SpacingBetweenSlices": 4.05,
  "StationName": "MRC35119",
  "TaskName": "faceprocessing",
  "TotalReadoutTime": 0.0321303,
  "TxRefAmp": 337.525,
  "dcmmeta_affine": [
    [-3.0, 0.0, 0.0, 100.06779479980469],
    [0.0, 2.7912540435791016, -1.484329104423523, -50.150306701660156],
    [0.0, 1.0995030403137207, 3.768193006515503, -71.61522674560547],
    [0.0, 0.0, 0.0, 1.0]
],
  "dcmmeta_reorient_transform": [
    [0.0, -1.0, 0.0, 63.0],
    [1.0, 0.0, 0.0, 0.0],
    [0.0, 0.0, 1.0, 0.0],
    [0.0, 0.0, 0.0, 1.0]
],
  "dcmmeta_shape": [64, 64, 33, 210],
  "dcmmeta_slice_dim": 2,
  "dcmmeta_version": 0.6,
  "global": {
    "const": {
      "AcquisitionMatrix": [64, 0, 0, 64],
      "AngioFlag": "N",
      "BitsAllocated": 16,
      "BitsStored": 12,
      "Columns": 384,
      "EchoNumbers": 1,
      "EchoTime": 30.0,
      "EchoTrainLength": 1,
      "FlipAngle": 78.0,
      "HighBit": 11,
      "ImageOrientationPatient": [1.0, 0.0, 0.0, 0.0, 0.930418, -0.366501],
      "ImagePositionPatient": [-580.067797, -572.299334, 173.573946],
      "ImageType": [
        "ORIGINAL",
        "PRIMARY",
        "M",
        "ND",
        "MOSAIC"
],
      "ImagedNucleus": "1H",
      "ImagingFrequency": 123.251849,
      "InPlanePhaseEncodingDirection": "COL",
      "MRAcquisitionType": "2D",
      "MagneticFieldStrength": 3.0,
      "Manufacturer": "SIEMENS",
      "ManufacturerModelName": "TrioTim",
      "Modality": "MR",
      "NumberOfAverages": 1.0,
      "NumberOfPhaseEncodingSteps": 64,
      "PercentPhaseFieldOfView": 100.0,
      "PercentSampling": 100.0,
      "PerformedProcedureStepStartTime": "164313.515000",
      "PhotometricInterpretation": "MONOCHROME2",
      "PixelAspectRatio": [1, 1],
      "PixelBandwidth": 2230.0,
      "PixelRepresentation": 0,
      "PixelSpacing": [3.0, 3.0],
      "ProtocolName": "CBU_DWEPI_BOLD210",
      "RepetitionTime": 2000.0,
      "Rows": 384,
      "SAR": 0.139265,
      "SamplesPerPixel": 1,
      "ScanOptions": "FS",
      "ScanningSequence": "EP",
      "SequenceName": "*epfid2d1_64",
      "SequenceVariant": "SK",
      "SeriesDescription": "CBU_DWEPI_BOLD210",
      "SeriesNumber": 3,
      "SeriesTime": "165302.656000",
      "SliceLocation": -48.252169,
      "SliceThickness": 3.0,
      "SmallestImagePixelValue": 0,
      "SoftwareVersions": "syngo MR B15",
      "SpacingBetweenSlices": 4.05,
      "SpecificCharacterSet": "ISO_IR 100",
      "StudyID": "1",
      "StudyTime": "164313.453000",
      "TransmitCoilName": "Body",
      "VariableFlipAngleFlag": "N",
      "WindowCenterWidthExplanation": "Algo1",
      "dBdt": 0.0},
