{
  "AcquisitionMatrixPE": 64,
  "AcquisitionNumber": 1,
  "BandwidthPerPixelPhaseEncode": 30.637,
  "BaseResolution": 64,
  "CogAtlasID": "http://www.cognitiveatlas.org/task/id/TODO",
  "CoilCombinationMethod": "Sum of Squares",
  "CoilString": "C:HEA;HEP",
  "ConversionSoftware": "dcm2niix",
  "ConversionSoftwareVersion": "v1.0.20240202",
  "DerivedVendorReportedEchoSpacing": 0.000510004,
  "DeviceSerialNumber": "35119",
  "DwellTime": 3.5e-06,
  "EchoTime": 0.03,
  "EffectiveEchoSpacing": 0.000510004,
  "FlipAngle": 78,
  "HeudiconvVersion": "1.1.6",
  "ImageComments": "V",
  "ImageType": [
    "ORIGINAL",
    "PRIMARY",
    "M",
    "ND",
    "MOSAIC"
],
  "InPlanePhaseEncodingDirectionDICOM": "COL",
  "InstitutionAddress": "Chaucer Road  15,Cambridge,UK,GB,CB2 2EF",
  "InstitutionName": "MRC-CBU",
  "MRAcquisitionType": "2D",
  "MagneticFieldStrength": 3,
  "Manufacturer": "Siemens",
  "ManufacturersModelName": "TrioTim",
  "MatrixCoilMode": "SENSE",
  "Modality": "MR",
  "NonlinearGradientCorrection": false,
  "PartialFourier": 1,
  "PatientPosition": "HFS",
  "PercentPhaseFOV": 100,
  "PercentSampling": 100,
  "PhaseEncodingDirection": "j-",
  "PhaseEncodingSteps": 64,
  "PhaseResolution": 1,
  "PixelBandwidth": 2230,
  "ProcedureStepDescription": "CBU^Neuroimaging",
  "ProtocolName": "CBU_DWEPI_BOLD210",
  "PulseSequenceDetails": "%SiemensSeq%\\ep2d_bold",
  "ReceiveCoilName": "HeadMatrix",
  "ReconMatrixPE": 64,
  "RepetitionTime": 2,
  "ScanOptions": "FS",
  "ScanningSequence": "EP",
  "SequenceName": "*epfid2d1_64",
  "SequenceVariant": "SK",
  "SeriesDescription": "CBU_DWEPI_BOLD210",
  "SliceThickness": 3,
  "SoftwareVersions": "syngo MR B15",
  "StationName": "MRC35119",
  "TaskName": "TODO: full task name for faceprocessing",
  "TotalReadoutTime": 0.0321303,
  "dcmmeta_reorient_transform": [
    [0.0, -1.0, 0.0, 63.0],
    [1.0, 0.0, 0.0, 0.0],
    [0.0, 0.0, 1.0, 0.0],
    [0.0, 0.0, 0.0, 1.0]
],
  "dcmmeta_slice_dim": 2,
  "dcmmeta_version": 0.6}