{
 "AcquisitionMatrixPE": 246,
 "AcquisitionNumber": 1,
 "AcquisitionTime": "10:13:5.852500",
 "BaseResolution": 256,
 "BidsGuess": [
  "anat",
  "_acq-tfl3p2_run-2_T1w"
 ],
 "CoilCombinationMethod": "Adaptive Combine",
 "CoilString": "T:HEA;HEP",
 "ConversionSoftware": "dcm2niix",
 "ConversionSoftwareVersion": "v1.0.20240202",
 "DeviceSerialNumber": "35119",
 "DwellTime": 8.5e-06,
 "EchoTime": 0.00298,
 "FlipAngle": 9,
 "HeudiconvVersion": "1.1.6",
 "ImageComments": "V",
 "ImageOrientationPatientDICOM": [0,1,0,-0.019197,0,-0.999816],
 "ImageOrientationText": "Sag>Tra(1.1)",
 "ImageType": [
  "ORIGINAL",
  "PRIMARY",
  "M",
  "ND",
  "NORM"
 ],
 "ImagingFrequency": 123.251784,
 "InPlanePhaseEncodingDirectionDICOM": "ROW",
 "InstitutionAddress": "Chaucer Road  15,Cambridge,UK,GB,CB2 2EF",
 "InstitutionName": "MRC-CBU",
 "InversionTime": 0.9,
 "MRAcquisitionType": "3D",
 "MagneticFieldStrength": 3,
 "Manufacturer": "Siemens",
 "ManufacturersModelName": "TrioTim",
 "MatrixCoilMode": "GRAPPA",
 "Modality": "MR",
 "NonlinearGradientCorrection": false,
 "ParallelReductionFactorInPlane": 2,
 "PartialFourier": 0.875,
 "PatientPosition": "HFS",
 "PercentPhaseFOV": 100,
 "PercentSampling": 96,
 "PhaseEncodingSteps": 215,
 "PhaseResolution": 0.96,
 "PixelBandwidth": 230,
 "ProcedureStepDescription": "CBU^Neuroimaging",
 "ProtocolName": "CBU_MPRAGE",
 "PulseSequenceDetails": "%SiemensSeq%\\tfl",
 "ReceiveCoilName": "HeadMatrix",
 "ReconMatrixPE": 256,
 "RefLinesPE": 24,
 "RepetitionTime": 2.25,
 "SAR": 0.105697,
 "ScanOptions": "IR\\PFP",
 "ScanningSequence": "GR\\IR",
 "SequenceName": "*tfl3d1_ns",
 "SequenceVariant": "SP\\MP\\OSP",
 "SeriesDescription": "CBU_MPRAGE",
 "SeriesNumber": 2,
 "ShimSetting": [-7834,-8823,-2129,716,217,-438,-157,95],
 "SliceThickness": 1,
 "SoftwareVersions": "syngo MR B15",
 "StationName": "MRC35119",
 "TxRefAmp": 327.749,
 "dcmmeta_affine": [[0.9998160004615784,0,-0.01919700019061565,-97.79025268554688],[0,1,0,-88.35592651367188],[0.01919700019061565,0,0.9998160004615784,-136.2675628662109],[0,0,0,1]],
 "dcmmeta_reorient_transform": [[0,0,-1,255],[0,-1,0,255],[-1,0,0,191],[0,0,0,1]],
 "dcmmeta_shape": [192,256,256],
 "dcmmeta_slice_dim": 0,
 "dcmmeta_version": 0.6,
 "global": {
  "const": {
   "AcquisitionMatrix": [0,256,246,0],
   "AcquisitionNumber": 1,
   "AcquisitionTime": "101305.852500",
   "AngioFlag": "N",
   "BitsAllocated": 16,
   "BitsStored": 12,
   "Columns": 256,
   "EchoNumbers": 1,
   "EchoTime": 2.98,
   "EchoTrainLength": 1,
   "FlipAngle": 9,
   "HighBit": 11,
   "ImageOrientationPatient": [0,1,0,-0.019197,0,-0.999816],
   "ImageType": [
    "ORIGINAL",
    "PRIMARY",
    "M",
    "ND",
    "NORM"
   ],
   "ImagedNucleus": "1H",
   "ImagingFrequency": 123.251784,
   "InPlanePhaseEncodingDirection": "ROW",
   "InversionTime": 900,
   "MRAcquisitionType": "3D",
   "MagneticFieldStrength": 3,
   "Manufacturer": "SIEMENS",
   "ManufacturerModelName": "TrioTim",
   "Modality": "MR",
   "NumberOfAverages": 1,
   "NumberOfPhaseEncodingSteps": 215,
   "PercentPhaseFieldOfView": 100,
   "PercentSampling": 96,
   "PerformedProcedureStepStartTime": "095652.046000",
   "PhotometricInterpretation": "MONOCHROME2",
   "PixelAspectRatio": [1,1],
   "PixelBandwidth": 230,
   "PixelRepresentation": 0,
   "PixelSpacing": [1,1],
   "ProtocolName": "CBU_MPRAGE",
   "RepetitionTime": 2250,
   "Rows": 256,
   "SAR": 0.105697,
   "SamplesPerPixel": 1,
   "ScanOptions": [
    "IR",
    "PFP"
   ],
   "ScanningSequence": [
    "GR",
    "IR"
   ],
   "SequenceName": "*tfl3d1_ns",
   "SequenceVariant": [
    "SP",
    "MP",
    "OSP"
   ],
   "SeriesDescription": "CBU_MPRAGE",
   "SeriesNumber": 2,
   "SeriesTime": "101736.859000",
   "SliceThickness": 1,
   "SmallestImagePixelValue": 0,
   "SoftwareVersions": "syngo MR B15",
   "SpecificCharacterSet": "ISO_IR 100",
   "StudyID": "1",
   "StudyTime": "095651.859000",
   "TransmitCoilName": "Body",
   "VariableFlipAngleFlag": "N",
   "WindowCenterWidthExplanation": "Algo1",
   "dBdt": 0
  },
