{
  "AcquisitionMatrixPE": 64,
  "AcquisitionNumber": 1,
  "AcquisitionTime": "13:10:19.462500",
  "BaseResolution": 64,
  "BidsGuess": [
    "fmap",
    "_acq-fm2_magnitude1"
  ],
  "CoilCombinationMethod": "Adaptive Combine",
  "CoilString": "C:HEA;HEP",
  "ConversionSoftware": "dcm2niix",
  "ConversionSoftwareVersion": "v1.0.20240202",
  "DeviceSerialNumber": "35119",
  "DwellTime": 0.00003,
  "EchoNumber": 1,
  "EchoTime": 0.00519,
  "FlipAngle": 60,
  "HeudiconvVersion": "1.1.6",
  "ImageComments": "V",
  "ImageOrientationPatientDICOM": [
    1,
    0,
    0,
    0,
    0.904083,
    -0.427358
  ],
  "ImageOrientationText": "Tra>Cor(-25.3)",
  "ImageType": [
    "ORIGINAL",
    "PRIMARY",
    "M",
    "ND"
  ],
  "ImagingFrequency": 123.251948,
  "InPlanePhaseEncodingDirectionDICOM": "COL",
  "InstitutionAddress": "Chaucer Road  15,Cambridge,UK,GB,CB2 2EF",
  "InstitutionName": "MRC-CBU",
  "IntendedFor": [
    "ses-mri/func/sub-11_ses-mri_task-facerecognition_run-01_bold.nii.gz",
    "ses-mri/func/sub-11_ses-mri_task-facerecognition_run-02_bold.nii.gz",
    "ses-mri/func/sub-11_ses-mri_task-facerecognition_run-03_bold.nii.gz",
    "ses-mri/func/sub-11_ses-mri_task-facerecognition_run-04_bold.nii.gz",
    "ses-mri/func/sub-11_ses-mri_task-facerecognition_run-05_bold.nii.gz",
    "ses-mri/func/sub-11_ses-mri_task-facerecognition_run-06_bold.nii.gz",
    "ses-mri/func/sub-11_ses-mri_task-facerecognition_run-07_bold.nii.gz",
    "ses-mri/func/sub-11_ses-mri_task-facerecognition_run-08_bold.nii.gz",
    "ses-mri/func/sub-11_ses-mri_task-facerecognition_run-09_bold.nii.gz"
  ],
  "MRAcquisitionType": "2D",
  "MagneticFieldStrength": 3,
  "Manufacturer": "Siemens",
  "ManufacturersModelName": "TrioTim",
  "MatrixCoilMode": "SENSE",
  "Modality": "MR",
  "NonlinearGradientCorrection": false,
  "PartialFourier": 1,
  "PatientPosition": "HFS",
  "PercentPhaseFOV": 100,
  "PercentSampling": 100,
  "PhaseEncodingDirection": "j-",
  "PhaseEncodingSteps": 64,
  "PhaseResolution": 1,
  "PixelBandwidth": 260,
  "ProcedureStepDescription": "CBU^Neuroimaging",
  "ProtocolName": "CBU_FieldMapping",
  "PulseSequenceDetails": "%SiemensSeq%\\gre_field_mapping",
  "ReceiveCoilName": "HeadMatrix",
  "ReconMatrixPE": 64,
  "RepetitionTime": 0.4,
  "SAR": 0.213674,
  "ScanningSequence": "GR",
  "SequenceName": "*fm2d2r",
  "SequenceVariant": "SP",
  "SeriesDescription": "CBU_FieldMapping",
  "SeriesNumber": 12,
  "ShimSetting": [
    -7779,
    -8837,
    -2256,
    687,
    190,
    -7,
    -8,
    38
  ],
  "SliceThickness": 3,
  "SliceTiming": [
    0,
    0.21094,
    0.01562,
    0.21875,
    0.02344,
    0.23438,
    0.03906,
    0.25,
    0.05469,
    0.25781,
    0.0625,
    0.27344,
    0.07812,
    0.28125,
    0.08594,
    0.29688,
    0.10156,
    0.30469,
    0.10938,
    0.32031,
    0.125,
    0.32812,
    0.13281,
    0.34375,
    0.14844,
    0.35938,
    0.16406,
    0.36719,
    0.17188,
    0.38281,
    0.1875,
    0.39062,
    0.19531
  ],
  "SoftwareVersions": "syngo MR B15",
  "SpacingBetweenSlices": 3.75,
  "StationName": "MRC35119",
  "TxRefAmp": 317.273
}
