{
  "AcquisitionMatrixPE": 64,
  "AcquisitionNumber": 1,
  "AcquisitionTime": "15:44:21.072500",
  "BaseResolution": 64,
  "BidsGuess": [
    "fmap",
    "_acq-fm2_phasediff"
  ],
  "CoilCombinationMethod": "Adaptive Combine",
  "CoilString": "C:HEA;HEP",
  "ConversionSoftware": "dcm2niix",
  "ConversionSoftwareVersion": "v1.0.20240202",
  "DeviceSerialNumber": "35119",
  "DwellTime": 0.00003,
  "EchoNumber": 2,
  "EchoTime": 0.00765,
  "EchoTime1": 0.00519,
  "EchoTime2": 0.00765,
  "FlipAngle": 60,
  "HeudiconvVersion": "1.1.6",
  "ImageComments": "V",
  "ImageOrientationPatientDICOM": [
    0.999615,
    0.009818,
    0.025954,
    0,
    0.93532,
    -0.353803
  ],
  "ImageOrientationText": "Tra>Cor(-20.7)>Sag(1.6)",
  "ImageType": [
    "ORIGINAL",
    "PRIMARY",
    "P",
    "ND",
    "PHASE"
  ],
  "ImagingFrequency": 123.251833,
  "InPlanePhaseEncodingDirectionDICOM": "COL",
  "InstitutionAddress": "Chaucer Road  15,Cambridge,UK,GB,CB2 2EF",
  "InstitutionName": "MRC-CBU",
  "IntendedFor": [
    "ses-mri/func/sub-10_ses-mri_task-facerecognition_run-01_bold.nii.gz",
    "ses-mri/func/sub-10_ses-mri_task-facerecognition_run-02_bold.nii.gz",
    "ses-mri/func/sub-10_ses-mri_task-facerecognition_run-03_bold.nii.gz",
    "ses-mri/func/sub-10_ses-mri_task-facerecognition_run-04_bold.nii.gz",
    "ses-mri/func/sub-10_ses-mri_task-facerecognition_run-05_bold.nii.gz",
    "ses-mri/func/sub-10_ses-mri_task-facerecognition_run-06_bold.nii.gz",
    "ses-mri/func/sub-10_ses-mri_task-facerecognition_run-07_bold.nii.gz",
    "ses-mri/func/sub-10_ses-mri_task-facerecognition_run-08_bold.nii.gz",
    "ses-mri/func/sub-10_ses-mri_task-facerecognition_run-09_bold.nii.gz"
  ],
  "MRAcquisitionType": "2D",
  "MagneticFieldStrength": 3,
  "Manufacturer": "Siemens",
  "ManufacturersModelName": "TrioTim",
  "MatrixCoilMode": "SENSE",
  "Modality": "MR",
  "MultibandAccelerationFactor": 2,
  "NonlinearGradientCorrection": false,
  "PartialFourier": 1,
  "PatientPosition": "HFS",
  "PercentPhaseFOV": 100,
  "PercentSampling": 100,
  "PhaseEncodingDirection": "j-",
  "PhaseEncodingSteps": 64,
  "PhaseResolution": 1,
  "PixelBandwidth": 260,
  "ProcedureStepDescription": "CBU^Neuroimaging",
  "ProtocolName": "CBU_FieldMapping",
  "PulseSequenceDetails": "%SiemensSeq%\\gre_field_mapping",
  "ReceiveCoilName": "HeadMatrix",
  "ReconMatrixPE": 64,
  "RepetitionTime": 0.4,
  "SAR": 0.228477,
  "ScanningSequence": "GR",
  "SequenceName": "*fm2d2r",
  "SequenceVariant": "SP",
  "SeriesDescription": "CBU_FieldMapping",
  "SeriesNumber": 20,
  "ShimSetting": [
    -7808,
    -8761,
    -2044,
    683,
    228,
    310,
    -235,
    -53
  ],
  "SliceThickness": 3,
  "SliceTiming": [
    0,
    0.20312,
    0,
    0.21875,
    0.01562,
    0.21875,
    0.03125,
    0.23438,
    0.04688,
    0.25,
    0.04688,
    0.26562,
    0.0625,
    0.28125,
    0.07812,
    0.28125,
    0.09375,
    0.29688,
    0.10938,
    0.3125,
    0.10938,
    0.32812,
    0.125,
    0.32812,
    0.14062,
    0.34375,
    0.15625,
    0.35938,
    0.17188,
    0.375,
    0.17188,
    0.375,
    0.1875
  ],
  "SoftwareVersions": "syngo MR B15",
  "SpacingBetweenSlices": 3.9,
  "StationName": "MRC35119",
  "TxRefAmp": 308.516,
  "dcmmeta_affine": [
    [
      -2.998845100402832,
      0.0,
      0.10822100192308426,
      98.60255432128906
    ],
    [
      -0.029454000294208527,
      2.805959939956665,
      -1.3793020248413086,
      -57.231849670410156
    ],
    [
      0.07786200195550919,
      1.0614089965820312,
      3.6463398933410645,
      -71.41050720214844
    ],
    [
      0.0,
      0.0,
      0.0,
      1.0
    ]
  ],
  "dcmmeta_reorient_transform": [
    [
      0.0,
      -1.0,
      0.0,
      63.0
    ],
    [
      1.0,
      0.0,
      0.0,
      0.0
    ],
    [
      0.0,
      0.0,
      -1.0,
      32.0
    ],
    [
      0.0,
      0.0,
      0.0,
      1.0
    ]
  ],
  "dcmmeta_shape": [
    64,
    64,
    33
  ],
  "dcmmeta_slice_dim": 2,
  "dcmmeta_version": 0.6,
  "global": {
    "const": {
      "AcquisitionMatrix": [
        64,
        0,
        0,
        64
      ],
      "AcquisitionNumber": 1,
      "AngioFlag": "N",
      "BitsAllocated": 16,
      "BitsStored": 12,
      "Columns": 64,
      "EchoNumbers": 2,
      "EchoTime": 7.65,
      "EchoTrainLength": 1,
      "FlipAngle": 60.0,
      "HighBit": 11,
      "ImageOrientationPatient": [
        0.999615,
        0.009818,
        0.025954,
        0.0,
        0.93532,
        -0.353803
      ],
      "ImageType": [
        "ORIGINAL",
        "PRIMARY",
        "P",
        "ND"
      ],
      "ImagedNucleus": "1H",
      "ImagingFrequency": 123.251833,
      "InPlanePhaseEncodingDirection": "COL",
      "MRAcquisitionType": "2D",
      "MagneticFieldStrength": 3.0,
      "Manufacturer": "SIEMENS",
      "ManufacturerModelName": "TrioTim",
      "Modality": "MR",
      "NumberOfAverages": 1.0,
      "NumberOfPhaseEncodingSteps": 64,
      "PercentPhaseFieldOfView": 100.0,
      "PercentSampling": 100.0,
      "PerformedProcedureStepStartTime": "135928.531000",
      "PhotometricInterpretation": "MONOCHROME2",
      "PixelAspectRatio": [
        1,
        1
      ],
      "PixelBandwidth": 260.0,
      "PixelRepresentation": 0,
      "PixelSpacing": [
        3.0,
        3.0
      ],
      "ProtocolName": "CBU_FieldMapping",
      "RepetitionTime": 400.0,
      "RescaleIntercept": -4096.0,
      "RescaleSlope": 2.0,
      "RescaleType": "US",
      "Rows": 64,
      "SAR": 0.228477,
      "SamplesPerPixel": 1,
      "ScanningSequence": "GR",
      "SequenceName": "*fm2d2r",
      "SequenceVariant": "SP",
      "SeriesDescription": "CBU_FieldMapping",
      "SeriesNumber": 20,
      "SeriesTime": "154614.796000",
      "SliceThickness": 3.0,
      "SoftwareVersions": "syngo MR B15",
      "SpacingBetweenSlices": 3.9,
      "SpecificCharacterSet": "ISO_IR 100",
      "StudyID": "1",
      "StudyTime": "135928.468000",
      "TransmitCoilName": "Body",
      "VariableFlipAngleFlag": "N",
      "WindowCenterWidthExplanation": "Algo1",
      "dBdt": 0.0
    },
