{
  "AcquisitionMatrixPE": 64,
  "AcquisitionNumber": 1,
  "AcquisitionTime": "10:19:47.270000",
  "BandwidthPerPixelPhaseEncode": 30.637,
  "BaseResolution": 64,
  "BidsGuess": [
    "func",
    "_acq-epfid2_dir-AP_run-3_bold"
],
  "CoilCombinationMethod": "Sum of Squares",
  "CoilString": "C:HEA;HEP",
  "ConversionSoftware": "dcm2niix",
  "ConversionSoftwareVersion": "v1.0.20240202",
  "DerivedVendorReportedEchoSpacing": 0.000510004,
  "DeviceSerialNumber": "35119",
  "DwellTime": 3.5e-06,
  "EchoTime": 0.03,
  "EffectiveEchoSpacing": 0.000510004,
  "FlipAngle": 78,
  "HeudiconvVersion": "1.1.6",
  "ImageComments": "V",
  "ImageOrientationPatientDICOM": [0.999852, -0.007648, -0.0154, 0, 0.895641, -0.444778],
  "ImageOrientationText": "Tra>Cor(-26.4)>Sag(-1.0)",
  "ImageType": [
    "ORIGINAL",
    "PRIMARY",
    "M",
    "ND",
    "MOSAIC"
],
  "ImagingFrequency": 123.251772,
  "InPlanePhaseEncodingDirectionDICOM": "COL",
  "InstitutionAddress": "Chaucer Road  15,Cambridge,UK,GB,CB2 2EF",
  "InstitutionName": "MRC-CBU",
  "MRAcquisitionType": "2D",
  "MagneticFieldStrength": 3,
  "Manufacturer": "Siemens",
  "ManufacturersModelName": "TrioTim",
  "MatrixCoilMode": "SENSE",
  "Modality": "MR",
  "NonlinearGradientCorrection": false,
  "PartialFourier": 1,
  "PatientPosition": "HFS",
  "PercentPhaseFOV": 100,
  "PercentSampling": 100,
  "PhaseEncodingDirection": "j-",
  "PhaseEncodingSteps": 64,
  "PhaseResolution": 1,
  "PixelBandwidth": 2230,
  "ProcedureStepDescription": "CBU^Neuroimaging",
  "ProtocolName": "CBU_DWEPI_BOLD210",
  "PulseSequenceDetails": "%SiemensSeq%\\ep2d_bold",
  "ReceiveCoilName": "HeadMatrix",
  "ReconMatrixPE": 64,
  "RepetitionTime": 2,
  "SAR": 0.133899,
  "ScanOptions": "FS",
  "ScanningSequence": "EP",
  "SequenceName": "*epfid2d1_64",
  "SequenceVariant": "SK",
  "SeriesDescription": "CBU_DWEPI_BOLD210",
  "SeriesNumber": 3,
  "ShimSetting": [-7835, -8808, -2091, 857, 221, -152, -163, 88],
  "SliceThickness": 3,
  "SliceTiming": [0, 1.035, 0.06, 1.095, 0.1225, 1.155, 0.1825, 1.2175, 0.2425, 1.2775, 0.305, 1.3375, 0.365, 1.4, 0.425, 1.46, 0.4875, 1.52, 0.5475, 1.5825, 0.6075, 1.6425, 0.67, 1.7025, 0.73, 1.765, 0.79, 1.825, 0.8525, 1.885, 0.9125, 1.9475, 0.9725],
  "SoftwareVersions": "syngo MR B15",
  "SpacingBetweenSlices": 3.75,
  "StationName": "MRC35119",
  "TaskName": "faceprocessing",
  "TotalReadoutTime": 0.0321303,
  "TxRefAmp": 327.749,
  "dcmmeta_affine": [
    [-2.999556064605713, 0.0, -0.06447950005531311, 92.73761749267578],
    [0.022943999618291855, 2.686923027038574, -1.6676706075668335, -52.4483528137207],
    [-0.04619999974966049, 1.3343340158462524, 3.358156681060791, -99.290283203125],
    [0.0, 0.0, 0.0, 1.0]
],
  "dcmmeta_reorient_transform": [
    [0.0, -1.0, 0.0, 63.0],
    [1.0, 0.0, 0.0, 0.0],
    [0.0, 0.0, 1.0, 0.0],
    [0.0, 0.0, 0.0, 1.0]
],
  "dcmmeta_shape": [64, 64, 33, 210],
  "dcmmeta_slice_dim": 2,
  "dcmmeta_version": 0.6,
  "global": {
    "const": {
      "AcquisitionMatrix": [64, 0, 0, 64],
      "AngioFlag": "N",
      "BitsAllocated": 16,
      "BitsStored": 12,
      "Columns": 384,
      "EchoNumbers": 1,
      "EchoTime": 30.0,
      "EchoTrainLength": 1,
      "FlipAngle": 78.0,
      "HighBit": 11,
      "ImageOrientationPatient": [0.999852, -0.007648, -0.0154, -0.0, 0.895641, -0.444778],
      "ImagePositionPatient": [-572.666574, -543.064435, 205.658198],
      "ImageType": [
        "ORIGINAL",
        "PRIMARY",
        "M",
        "ND",
        "MOSAIC"
],
      "ImagedNucleus": "1H",
      "ImagingFrequency": 123.251772,
      "InPlanePhaseEncodingDirection": "COL",
      "MRAcquisitionType": "2D",
      "MagneticFieldStrength": 3.0,
      "Manufacturer": "SIEMENS",
      "ManufacturerModelName": "TrioTim",
      "Modality": "MR",
      "NumberOfAverages": 1.0,
      "NumberOfPhaseEncodingSteps": 64,
      "PercentPhaseFieldOfView": 100.0,
      "PercentSampling": 100.0,
      "PerformedProcedureStepStartTime": "095652.046000",
      "PhotometricInterpretation": "MONOCHROME2",
      "PixelAspectRatio": [1, 1],
      "PixelBandwidth": 2230.0,
      "PixelRepresentation": 0,
      "PixelSpacing": [3.0, 3.0],
      "ProtocolName": "CBU_DWEPI_BOLD210",
      "RepetitionTime": 2000.0,
      "Rows": 384,
      "SAR": 0.133899,
      "SamplesPerPixel": 1,
      "ScanOptions": "FS",
      "ScanningSequence": "EP",
      "SequenceName": "*epfid2d1_64",
      "SequenceVariant": "SK",
      "SeriesDescription": "CBU_DWEPI_BOLD210",
      "SeriesNumber": 3,
      "SeriesTime": "101950.703000",
      "SliceLocation": -67.185516,
      "SliceThickness": 3.0,
      "SmallestImagePixelValue": 0,
      "SoftwareVersions": "syngo MR B15",
      "SpacingBetweenSlices": 3.75,
      "SpecificCharacterSet": "ISO_IR 100",
      "StudyID": "1",
      "StudyTime": "095651.859000",
      "TransmitCoilName": "Body",
      "VariableFlipAngleFlag": "N",
      "WindowCenterWidthExplanation": "Algo1",
      "dBdt": 0.0},
