{
  "AcquisitionMatrixPE": 64,
  "AcquisitionNumber": 1,
  "AcquisitionTime": "15:13:4.035000",
  "BaseResolution": 64,
  "BidsGuess": [
    "fmap",
    "_acq-fm2_phasediff"
  ],
  "CoilCombinationMethod": "Adaptive Combine",
  "CoilString": "C:HEA;HEP",
  "ConversionSoftware": "dcm2niix",
  "ConversionSoftwareVersion": "v1.0.20240202",
  "DeviceSerialNumber": "35119",
  "DwellTime": 0.00003,
  "EchoNumber": 2,
  "EchoTime": 0.00765,
  "EchoTime1": 0.00519,
  "EchoTime2": 0.00765,
  "FlipAngle": 60,
  "HeudiconvVersion": "1.1.6",
  "ImageComments": "V",
  "ImageOrientationPatientDICOM": [
    0.999178,
    0.025661,
    0.03138,
    0,
    0.774114,
    -0.633046
  ],
  "ImageOrientationText": "Tra>Cor(-39.3)>Sag(2.3)",
  "ImageType": [
    "ORIGINAL",
    "PRIMARY",
    "P",
    "ND",
    "PHASE"
  ],
  "ImagingFrequency": 123.251786,
  "InPlanePhaseEncodingDirectionDICOM": "COL",
  "InstitutionAddress": "Chaucer Road  15,Cambridge,UK,GB,CB2 2EF",
  "InstitutionName": "MRC-CBU",
  "IntendedFor": [
    "ses-mri/func/sub-03_ses-mri_task-facerecognition_run-01_bold.nii.gz",
    "ses-mri/func/sub-03_ses-mri_task-facerecognition_run-02_bold.nii.gz",
    "ses-mri/func/sub-03_ses-mri_task-facerecognition_run-03_bold.nii.gz",
    "ses-mri/func/sub-03_ses-mri_task-facerecognition_run-04_bold.nii.gz",
    "ses-mri/func/sub-03_ses-mri_task-facerecognition_run-05_bold.nii.gz",
    "ses-mri/func/sub-03_ses-mri_task-facerecognition_run-06_bold.nii.gz",
    "ses-mri/func/sub-03_ses-mri_task-facerecognition_run-07_bold.nii.gz",
    "ses-mri/func/sub-03_ses-mri_task-facerecognition_run-08_bold.nii.gz",
    "ses-mri/func/sub-03_ses-mri_task-facerecognition_run-09_bold.nii.gz"
  ],
  "MRAcquisitionType": "2D",
  "MagneticFieldStrength": 3,
  "Manufacturer": "Siemens",
  "ManufacturersModelName": "TrioTim",
  "MatrixCoilMode": "SENSE",
  "Modality": "MR",
  "NonlinearGradientCorrection": false,
  "PartialFourier": 1,
  "PatientPosition": "HFS",
  "PercentPhaseFOV": 100,
  "PercentSampling": 100,
  "PhaseEncodingDirection": "j-",
  "PhaseEncodingSteps": 64,
  "PhaseResolution": 1,
  "PixelBandwidth": 260,
  "ProcedureStepDescription": "CBU^Neuroimaging",
  "ProtocolName": "CBU_FieldMapping",
  "PulseSequenceDetails": "%SiemensSeq%\\gre_field_mapping",
  "ReceiveCoilName": "HeadMatrix",
  "ReconMatrixPE": 64,
  "RepetitionTime": 0.4,
  "SAR": 0.26745,
  "ScanningSequence": "GR",
  "SequenceName": "*fm2d2r",
  "SequenceVariant": "SP",
  "SeriesDescription": "CBU_FieldMapping",
  "SeriesNumber": 13,
  "ShimSetting": [
    -7754,
    -8791,
    -2016,
    580,
    113,
    67,
    -86,
    23
  ],
  "SliceThickness": 3,
  "SliceTiming": [
    0,
    0.20312,
    0.01562,
    0.21875,
    0.03125,
    0.23438,
    0.03125,
    0.25,
    0.04688,
    0.26562,
    0.0625,
    0.26562,
    0.07812,
    0.28125,
    0.09375,
    0.29688,
    0.09375,
    0.3125,
    0.10938,
    0.3125,
    0.125,
    0.32812,
    0.14062,
    0.34375,
    0.15625,
    0.35938,
    0.15625,
    0.375,
    0.17188,
    0.375,
    0.1875,
    0.39062,
    0.20312
  ],
  "SoftwareVersions": "syngo MR B15",
  "SpacingBetweenSlices": 3.9,
  "StationName": "MRC35119",
  "TxRefAmp": 353.369,
  "dcmmeta_affine": [
    [
      -2.9975340366363525,
      0.0,
      0.15809200704097748,
      98.53068542480469
    ],
    [
      -0.0769829973578453,
      2.3223419189453125,
      -2.466850996017456,
      -26.371286392211914
    ],
    [
      0.09414000064134598,
      1.8991379737854004,
      3.0165629386901855,
      -84.90174102783203
    ],
    [
      0.0,
      0.0,
      0.0,
      1.0
    ]
  ],
  "dcmmeta_reorient_transform": [
    [
      0.0,
      -1.0,
      0.0,
      63.0
    ],
    [
      1.0,
      0.0,
      0.0,
      0.0
    ],
    [
      0.0,
      0.0,
      -1.0,
      32.0
    ],
    [
      0.0,
      0.0,
      0.0,
      1.0
    ]
  ],
  "dcmmeta_shape": [
    64,
    64,
    33
  ],
  "dcmmeta_slice_dim": 2,
  "dcmmeta_version": 0.6,
  "global": {
    "const": {
      "AcquisitionMatrix": [
        64,
        0,
        0,
        64
      ],
      "AcquisitionNumber": 1,
      "AngioFlag": "N",
      "BitsAllocated": 16,
      "BitsStored": 12,
      "Columns": 64,
      "EchoNumbers": 2,
      "EchoTime": 7.65,
      "EchoTrainLength": 1,
      "FlipAngle": 60.0,
      "HighBit": 11,
      "ImageOrientationPatient": [
        0.999178,
        0.025661,
        0.03138,
        -0.0,
        0.774114,
        -0.633046
      ],
      "ImageType": [
        "ORIGINAL",
        "PRIMARY",
        "P",
        "ND"
      ],
      "ImagedNucleus": "1H",
      "ImagingFrequency": 123.251786,
      "InPlanePhaseEncodingDirection": "COL",
      "MRAcquisitionType": "2D",
      "MagneticFieldStrength": 3.0,
      "Manufacturer": "SIEMENS",
      "ManufacturerModelName": "TrioTim",
      "Modality": "MR",
      "NumberOfAverages": 1.0,
      "NumberOfPhaseEncodingSteps": 64,
      "PercentPhaseFieldOfView": 100.0,
      "PercentSampling": 100.0,
      "PerformedProcedureStepStartTime": "135553.812000",
      "PhotometricInterpretation": "MONOCHROME2",
      "PixelAspectRatio": [
        1,
        1
      ],
      "PixelBandwidth": 260.0,
      "PixelRepresentation": 0,
      "PixelSpacing": [
        3.0,
        3.0
      ],
      "ProtocolName": "CBU_FieldMapping",
      "RepetitionTime": 400.0,
      "RescaleIntercept": -4096.0,
      "RescaleSlope": 2.0,
      "RescaleType": "US",
      "Rows": 64,
      "SAR": 0.26745,
      "SamplesPerPixel": 1,
      "ScanningSequence": "GR",
      "SequenceName": "*fm2d2r",
      "SequenceVariant": "SP",
      "SeriesDescription": "CBU_FieldMapping",
      "SeriesNumber": 13,
      "SeriesTime": "151356.843000",
      "SliceThickness": 3.0,
      "SoftwareVersions": "syngo MR B15",
      "SpacingBetweenSlices": 3.9,
      "SpecificCharacterSet": "ISO_IR 100",
      "StudyID": "1",
      "StudyTime": "135553.640000",
      "TransmitCoilName": "Body",
      "VariableFlipAngleFlag": "N",
      "WindowCenterWidthExplanation": "Algo1",
      "dBdt": 0.0
    },
