{
  "AcquisitionMatrixPE": 64,
  "AcquisitionNumber": 1,
  "AcquisitionTime": "11:27:2.632500",
  "BaseResolution": 64,
  "BidsGuess": [
    "fmap",
    "_acq-fm2_phasediff"
  ],
  "CoilCombinationMethod": "Adaptive Combine",
  "CoilString": "C:HEA;HEP",
  "ConversionSoftware": "dcm2niix",
  "ConversionSoftwareVersion": "v1.0.20240202",
  "DeviceSerialNumber": "35119",
  "DwellTime": 0.00003,
  "EchoNumber": 2,
  "EchoTime": 0.00765,
  "EchoTime1": 0.00519,
  "EchoTime2": 0.00765,
  "FlipAngle": 60,
  "HeudiconvVersion": "1.1.6",
  "ImageComments": "V",
  "ImageOrientationPatientDICOM": [
    0.999852,
    -0.007648,
    -0.0154,
    0,
    0.895641,
    -0.444778
  ],
  "ImageOrientationText": "Tra>Cor(-26.4)>Sag(-1.0)",
  "ImageType": [
    "ORIGINAL",
    "PRIMARY",
    "P",
    "ND",
    "PHASE"
  ],
  "ImagingFrequency": 123.251782,
  "InPlanePhaseEncodingDirectionDICOM": "COL",
  "InstitutionAddress": "Chaucer Road  15,Cambridge,UK,GB,CB2 2EF",
  "InstitutionName": "MRC-CBU",
  "IntendedFor": [
    "ses-mri/func/sub-08_ses-mri_task-facerecognition_run-01_bold.nii.gz",
    "ses-mri/func/sub-08_ses-mri_task-facerecognition_run-02_bold.nii.gz",
    "ses-mri/func/sub-08_ses-mri_task-facerecognition_run-03_bold.nii.gz",
    "ses-mri/func/sub-08_ses-mri_task-facerecognition_run-04_bold.nii.gz",
    "ses-mri/func/sub-08_ses-mri_task-facerecognition_run-05_bold.nii.gz",
    "ses-mri/func/sub-08_ses-mri_task-facerecognition_run-06_bold.nii.gz",
    "ses-mri/func/sub-08_ses-mri_task-facerecognition_run-07_bold.nii.gz",
    "ses-mri/func/sub-08_ses-mri_task-facerecognition_run-08_bold.nii.gz",
    "ses-mri/func/sub-08_ses-mri_task-facerecognition_run-09_bold.nii.gz"
  ],
  "MRAcquisitionType": "2D",
  "MagneticFieldStrength": 3,
  "Manufacturer": "Siemens",
  "ManufacturersModelName": "TrioTim",
  "MatrixCoilMode": "SENSE",
  "Modality": "MR",
  "NonlinearGradientCorrection": false,
  "PartialFourier": 1,
  "PatientPosition": "HFS",
  "PercentPhaseFOV": 100,
  "PercentSampling": 100,
  "PhaseEncodingDirection": "j-",
  "PhaseEncodingSteps": 64,
  "PhaseResolution": 1,
  "PixelBandwidth": 260,
  "ProcedureStepDescription": "CBU^Neuroimaging",
  "ProtocolName": "CBU_FieldMapping",
  "PulseSequenceDetails": "%SiemensSeq%\\gre_field_mapping",
  "ReceiveCoilName": "HeadMatrix",
  "ReconMatrixPE": 64,
  "RepetitionTime": 0.4,
  "SAR": 0.2018,
  "ScanningSequence": "GR",
  "SequenceName": "*fm2d2r",
  "SequenceVariant": "SP",
  "SeriesDescription": "CBU_FieldMapping",
  "SeriesNumber": 13,
  "ShimSetting": [
    -7835,
    -8808,
    -2091,
    857,
    221,
    -152,
    -163,
    88
  ],
  "SliceThickness": 3,
  "SliceTiming": [
    0,
    0.21094,
    0.01562,
    0.21875,
    0.02344,
    0.23438,
    0.03906,
    0.24219,
    0.04688,
    0.25781,
    0.0625,
    0.26562,
    0.07812,
    0.28125,
    0.08594,
    0.28906,
    0.09375,
    0.30469,
    0.10938,
    0.32031,
    0.125,
    0.32812,
    0.13281,
    0.34375,
    0.14844,
    0.35156,
    0.15625,
    0.36719,
    0.17188,
    0.375,
    0.17969,
    0.39062,
    0.19531
  ],
  "SoftwareVersions": "syngo MR B15",
  "SpacingBetweenSlices": 3.75,
  "StationName": "MRC35119",
  "TxRefAmp": 327.749,
  "dcmmeta_affine": [
    [
      -2.999556064605713,
      0.0,
      -0.0644799992442131,
      92.73756408691406
    ],
    [
      0.022943999618291855,
      2.686923027038574,
      -1.667672038078308,
      -52.44837951660156
    ],
    [
      -0.04619999974966049,
      1.3343340158462524,
      3.358154058456421,
      -99.29029846191406
    ],
    [
      0.0,
      0.0,
      0.0,
      1.0
    ]
  ],
  "dcmmeta_reorient_transform": [
    [
      0.0,
      -1.0,
      0.0,
      63.0
    ],
    [
      1.0,
      0.0,
      0.0,
      0.0
    ],
    [
      0.0,
      0.0,
      -1.0,
      32.0
    ],
    [
      0.0,
      0.0,
      0.0,
      1.0
    ]
  ],
  "dcmmeta_shape": [
    64,
    64,
    33
  ],
  "dcmmeta_slice_dim": 2,
  "dcmmeta_version": 0.6,
  "global": {
    "const": {
      "AcquisitionMatrix": [
        64,
        0,
        0,
        64
      ],
      "AcquisitionNumber": 1,
      "AngioFlag": "N",
      "BitsAllocated": 16,
      "BitsStored": 12,
      "Columns": 64,
      "EchoNumbers": 2,
      "EchoTime": 7.65,
      "EchoTrainLength": 1,
      "FlipAngle": 60.0,
      "HighBit": 11,
      "ImageOrientationPatient": [
        0.999852,
        -0.007648,
        -0.0154,
        -0.0,
        0.895641,
        -0.444778
      ],
      "ImageType": [
        "ORIGINAL",
        "PRIMARY",
        "P",
        "ND"
      ],
      "ImagedNucleus": "1H",
      "ImagingFrequency": 123.251782,
      "InPlanePhaseEncodingDirection": "COL",
      "MRAcquisitionType": "2D",
      "MagneticFieldStrength": 3.0,
      "Manufacturer": "SIEMENS",
      "ManufacturerModelName": "TrioTim",
      "Modality": "MR",
      "NumberOfAverages": 1.0,
      "NumberOfPhaseEncodingSteps": 64,
      "PercentPhaseFieldOfView": 100.0,
      "PercentSampling": 100.0,
      "PerformedProcedureStepStartTime": "095652.046000",
      "PhotometricInterpretation": "MONOCHROME2",
      "PixelAspectRatio": [
        1,
        1
      ],
      "PixelBandwidth": 260.0,
      "PixelRepresentation": 0,
      "PixelSpacing": [
        3.0,
        3.0
      ],
      "ProtocolName": "CBU_FieldMapping",
      "RepetitionTime": 400.0,
      "RescaleIntercept": -4096.0,
      "RescaleSlope": 2.0,
      "RescaleType": "US",
      "Rows": 64,
      "SAR": 0.2018,
      "SamplesPerPixel": 1,
      "ScanningSequence": "GR",
      "SequenceName": "*fm2d2r",
      "SequenceVariant": "SP",
      "SeriesDescription": "CBU_FieldMapping",
      "SeriesNumber": 13,
      "SeriesTime": "112755.906000",
      "SliceThickness": 3.0,
      "SoftwareVersions": "syngo MR B15",
      "SpacingBetweenSlices": 3.75,
      "SpecificCharacterSet": "ISO_IR 100",
      "StudyID": "1",
      "StudyTime": "095651.859000",
      "TransmitCoilName": "Body",
      "VariableFlipAngleFlag": "N",
      "WindowCenterWidthExplanation": "Algo1",
      "dBdt": 0.0
    },
