{
  "AcquisitionMatrixPE": 64,
  "AcquisitionNumber": 1,
  "AcquisitionTime": "10:14:31.510000",
  "BandwidthPerPixelPhaseEncode": 30.637,
  "BaseResolution": 64,
  "BidsGuess": [
    "func",
    "_acq-epfid2_dir-AP_run-5_bold"
],
  "CoilCombinationMethod": "Sum of Squares",
  "CoilString": "C:HEA;HEP",
  "ConversionSoftware": "dcm2niix",
  "ConversionSoftwareVersion": "v1.0.20240202",
  "DerivedVendorReportedEchoSpacing": 0.000510004,
  "DeviceSerialNumber": "35119",
  "DwellTime": 3.5e-06,
  "EchoTime": 0.03,
  "EffectiveEchoSpacing": 0.000510004,
  "FlipAngle": 78,
  "HeudiconvVersion": "1.1.6",
  "ImageComments": "V",
  "ImageOrientationPatientDICOM": [0.99996, 0.004146, 0.0079, 0, 0.885469, -0.464699],
  "ImageOrientationText": "Tra>Cor(-27.7)>Sag(0.5)",
  "ImageType": [
    "ORIGINAL",
    "PRIMARY",
    "M",
    "ND",
    "MOSAIC"
],
  "ImagingFrequency": 123.251781,
  "InPlanePhaseEncodingDirectionDICOM": "COL",
  "InstitutionAddress": "Chaucer Road  15,Cambridge,UK,GB,CB2 2EF",
  "InstitutionName": "MRC-CBU",
  "MRAcquisitionType": "2D",
  "MagneticFieldStrength": 3,
  "Manufacturer": "Siemens",
  "ManufacturersModelName": "TrioTim",
  "MatrixCoilMode": "SENSE",
  "Modality": "MR",
  "NonlinearGradientCorrection": false,
  "PartialFourier": 1,
  "PatientPosition": "HFS",
  "PercentPhaseFOV": 100,
  "PercentSampling": 100,
  "PhaseEncodingDirection": "j-",
  "PhaseEncodingSteps": 64,
  "PhaseResolution": 1,
  "PixelBandwidth": 2230,
  "ProcedureStepDescription": "CBU^Neuroimaging",
  "ProtocolName": "CBU_DWEPI_BOLD210",
  "PulseSequenceDetails": "%SiemensSeq%\\ep2d_bold",
  "ReceiveCoilName": "HeadMatrix",
  "ReconMatrixPE": 64,
  "RepetitionTime": 2,
  "SAR": 0.152383,
  "ScanOptions": "FS",
  "ScanningSequence": "EP",
  "SequenceName": "*epfid2d1_64",
  "SequenceVariant": "SK",
  "SeriesDescription": "CBU_DWEPI_BOLD210",
  "SeriesNumber": 5,
  "ShimSetting": [-7804, -8718, -2025, 813, 324, 454, 129, 9],
  "SliceThickness": 3,
  "SliceTiming": [0, 1.0325, 0.06, 1.095, 0.12, 1.155, 0.1825, 1.215, 0.2425, 1.2775, 0.3025, 1.3375, 0.365, 1.3975, 0.425, 1.46, 0.485, 1.52, 0.5475, 1.58, 0.6075, 1.6425, 0.6675, 1.7025, 0.73, 1.7625, 0.79, 1.825, 0.85, 1.885, 0.9125, 1.945, 0.9725],
  "SoftwareVersions": "syngo MR B15",
  "SpacingBetweenSlices": 3.9,
  "StationName": "MRC35119",
  "TaskName": "faceprocessing",
  "TotalReadoutTime": 0.0321303,
  "TxRefAmp": 333.583,
  "dcmmeta_affine": [
    [-2.999880075454712, 0.0, 0.03479520231485367, 100.57645416259766],
    [-0.012438000179827213, 2.656407117843628, -1.8122535943984985, -47.336830139160156],
    [0.02370000071823597, 1.3940969705581665, 3.453191041946411, -82.5189208984375],
    [0.0, 0.0, 0.0, 1.0]
],
  "dcmmeta_reorient_transform": [
    [0.0, -1.0, 0.0, 63.0],
    [1.0, 0.0, 0.0, 0.0],
    [0.0, 0.0, 1.0, 0.0],
    [0.0, 0.0, 0.0, 1.0]
],
  "dcmmeta_shape": [64, 64, 33, 210],
  "dcmmeta_slice_dim": 2,
  "dcmmeta_version": 0.6,
  "global": {
    "const": {
      "AcquisitionMatrix": [64, 0, 0, 64],
      "AngioFlag": "N",
      "BitsAllocated": 16,
      "BitsStored": 12,
      "Columns": 384,
      "EchoNumbers": 1,
      "EchoTime": 30.0,
      "EchoTrainLength": 1,
      "FlipAngle": 78.0,
      "HighBit": 11,
      "ImageOrientationPatient": [0.99996, 0.004146, 0.0079, -0.0, 0.885469, -0.464699],
      "ImagePositionPatient": [-580.557254, -547.032012, 224.572707],
      "ImageType": [
        "ORIGINAL",
        "PRIMARY",
        "M",
        "ND",
        "MOSAIC"
],
      "ImagedNucleus": "1H",
      "ImagingFrequency": 123.251781,
      "InPlanePhaseEncodingDirection": "COL",
      "MRAcquisitionType": "2D",
      "MagneticFieldStrength": 3.0,
      "Manufacturer": "SIEMENS",
      "ManufacturerModelName": "TrioTim",
      "Modality": "MR",
      "NumberOfAverages": 1.0,
      "NumberOfPhaseEncodingSteps": 64,
      "PercentPhaseFieldOfView": 100.0,
      "PercentSampling": 100.0,
      "PerformedProcedureStepStartTime": "094337.531000",
      "PhotometricInterpretation": "MONOCHROME2",
      "PixelAspectRatio": [1, 1],
      "PixelBandwidth": 2230.0,
      "PixelRepresentation": 0,
      "PixelSpacing": [3.0, 3.0],
      "ProtocolName": "CBU_DWEPI_BOLD210",
      "RepetitionTime": 2000.0,
      "Rows": 384,
      "SAR": 0.152383,
      "SamplesPerPixel": 1,
      "ScanOptions": "FS",
      "ScanningSequence": "EP",
      "SequenceName": "*epfid2d1_64",
      "SequenceVariant": "SK",
      "SeriesDescription": "CBU_DWEPI_BOLD210",
      "SeriesNumber": 5,
      "SeriesTime": "101435.250000",
      "SliceLocation": -50.170833,
      "SliceThickness": 3.0,
      "SmallestImagePixelValue": 0,
      "SoftwareVersions": "syngo MR B15",
      "SpacingBetweenSlices": 3.9,
      "SpecificCharacterSet": "ISO_IR 100",
      "StudyID": "1",
      "StudyTime": "094337.468000",
      "TransmitCoilName": "Body",
      "VariableFlipAngleFlag": "N",
      "WindowCenterWidthExplanation": "Algo1",
      "dBdt": 0.0},
