{
  "AcquisitionMatrixPE": 64,
  "AcquisitionNumber": 1,
  "AcquisitionTime": "18:35:5.907500",
  "BaseResolution": 64,
  "BidsGuess": [
    "fmap",
    "_acq-fm2_magnitude1"
  ],
  "CoilCombinationMethod": "Adaptive Combine",
  "CoilString": "C:HEA;HEP",
  "ConversionSoftware": "dcm2niix",
  "ConversionSoftwareVersion": "v1.0.20240202",
  "DeviceSerialNumber": "35119",
  "DwellTime": 0.00003,
  "EchoNumber": 1,
  "EchoTime": 0.00519,
  "FlipAngle": 60,
  "HeudiconvVersion": "1.1.6",
  "ImageComments": "V",
  "ImageOrientationPatientDICOM": [
    0.99996,
    -0.003279,
    -0.00833,
    0,
    0.930492,
    -0.366312
  ],
  "ImageOrientationText": "Tra>Cor(-21.5)>Sag(-0.5)",
  "ImageType": [
    "ORIGINAL",
    "PRIMARY",
    "M",
    "ND"
  ],
  "ImagingFrequency": 123.252081,
  "InPlanePhaseEncodingDirectionDICOM": "COL",
  "InstitutionAddress": "Chaucer Road  15,Cambridge,UK,GB,CB2 2EF",
  "InstitutionName": "MRC-CBU",
  "IntendedFor": [
    "ses-mri/func/sub-12_ses-mri_task-facerecognition_run-01_bold.nii.gz",
    "ses-mri/func/sub-12_ses-mri_task-facerecognition_run-02_bold.nii.gz",
    "ses-mri/func/sub-12_ses-mri_task-facerecognition_run-03_bold.nii.gz",
    "ses-mri/func/sub-12_ses-mri_task-facerecognition_run-04_bold.nii.gz",
    "ses-mri/func/sub-12_ses-mri_task-facerecognition_run-05_bold.nii.gz",
    "ses-mri/func/sub-12_ses-mri_task-facerecognition_run-06_bold.nii.gz",
    "ses-mri/func/sub-12_ses-mri_task-facerecognition_run-07_bold.nii.gz",
    "ses-mri/func/sub-12_ses-mri_task-facerecognition_run-08_bold.nii.gz",
    "ses-mri/func/sub-12_ses-mri_task-facerecognition_run-09_bold.nii.gz"
  ],
  "MRAcquisitionType": "2D",
  "MagneticFieldStrength": 3,
  "Manufacturer": "Siemens",
  "ManufacturersModelName": "TrioTim",
  "MatrixCoilMode": "SENSE",
  "Modality": "MR",
  "NonlinearGradientCorrection": false,
  "PartialFourier": 1,
  "PatientPosition": "HFS",
  "PercentPhaseFOV": 100,
  "PercentSampling": 100,
  "PhaseEncodingDirection": "j-",
  "PhaseEncodingSteps": 64,
  "PhaseResolution": 1,
  "PixelBandwidth": 260,
  "ProcedureStepDescription": "CBU^Neuroimaging",
  "ProtocolName": "CBU_FieldMapping",
  "PulseSequenceDetails": "%SiemensSeq%\\gre_field_mapping",
  "ReceiveCoilName": "HeadMatrix",
  "ReconMatrixPE": 64,
  "RepetitionTime": 0.4,
  "SAR": 0.195052,
  "ScanningSequence": "GR",
  "SequenceName": "*fm2d2r",
  "SequenceVariant": "SP",
  "SeriesDescription": "CBU_FieldMapping",
  "SeriesNumber": 12,
  "ShimSetting": [
    -7844,
    -8614,
    -2373,
    974,
    -97,
    784,
    -344,
    -35
  ],
  "SliceThickness": 3,
  "SliceTiming": [
    0,
    0.20312,
    0.01562,
    0.21875,
    0.03125,
    0.23438,
    0.03125,
    0.25,
    0.04688,
    0.25,
    0.0625,
    0.26562,
    0.07812,
    0.28125,
    0.09375,
    0.29688,
    0.09375,
    0.29688,
    0.10938,
    0.3125,
    0.125,
    0.32812,
    0.14062,
    0.34375,
    0.14062,
    0.35938,
    0.15625,
    0.35938,
    0.17188,
    0.375,
    0.1875,
    0.39062,
    0.20312
  ],
  "SoftwareVersions": "syngo MR B15",
  "SpacingBetweenSlices": 3.75,
  "StationName": "MRC35119",
  "TxRefAmp": 312.996
}
