{
  "AcquisitionMatrixPE": 64,
  "AcquisitionNumber": 1,
  "AcquisitionTime": "18:35:6.310000",
  "BaseResolution": 64,
  "BidsGuess": [
    "fmap",
    "_acq-fm2_phasediff"
  ],
  "CoilCombinationMethod": "Adaptive Combine",
  "CoilString": "C:HEA;HEP",
  "ConversionSoftware": "dcm2niix",
  "ConversionSoftwareVersion": "v1.0.20240202",
  "DeviceSerialNumber": "35119",
  "DwellTime": 0.00003,
  "EchoNumber": 2,
  "EchoTime": 0.00765,
  "EchoTime1": 0.00519,
  "EchoTime2": 0.00765,
  "FlipAngle": 60,
  "HeudiconvVersion": "1.1.6",
  "ImageComments": "V",
  "ImageOrientationPatientDICOM": [
    0.99996,
    -0.003279,
    -0.00833,
    0,
    0.930492,
    -0.366312
  ],
  "ImageOrientationText": "Tra>Cor(-21.5)>Sag(-0.5)",
  "ImageType": [
    "ORIGINAL",
    "PRIMARY",
    "P",
    "ND",
    "PHASE"
  ],
  "ImagingFrequency": 123.252081,
  "InPlanePhaseEncodingDirectionDICOM": "COL",
  "InstitutionAddress": "Chaucer Road  15,Cambridge,UK,GB,CB2 2EF",
  "InstitutionName": "MRC-CBU",
  "IntendedFor": [
    "ses-mri/func/sub-12_ses-mri_task-facerecognition_run-01_bold.nii.gz",
    "ses-mri/func/sub-12_ses-mri_task-facerecognition_run-02_bold.nii.gz",
    "ses-mri/func/sub-12_ses-mri_task-facerecognition_run-03_bold.nii.gz",
    "ses-mri/func/sub-12_ses-mri_task-facerecognition_run-04_bold.nii.gz",
    "ses-mri/func/sub-12_ses-mri_task-facerecognition_run-05_bold.nii.gz",
    "ses-mri/func/sub-12_ses-mri_task-facerecognition_run-06_bold.nii.gz",
    "ses-mri/func/sub-12_ses-mri_task-facerecognition_run-07_bold.nii.gz",
    "ses-mri/func/sub-12_ses-mri_task-facerecognition_run-08_bold.nii.gz",
    "ses-mri/func/sub-12_ses-mri_task-facerecognition_run-09_bold.nii.gz"
  ],
  "MRAcquisitionType": "2D",
  "MagneticFieldStrength": 3,
  "Manufacturer": "Siemens",
  "ManufacturersModelName": "TrioTim",
  "MatrixCoilMode": "SENSE",
  "Modality": "MR",
  "NonlinearGradientCorrection": false,
  "PartialFourier": 1,
  "PatientPosition": "HFS",
  "PercentPhaseFOV": 100,
  "PercentSampling": 100,
  "PhaseEncodingDirection": "j-",
  "PhaseEncodingSteps": 64,
  "PhaseResolution": 1,
  "PixelBandwidth": 260,
  "ProcedureStepDescription": "CBU^Neuroimaging",
  "ProtocolName": "CBU_FieldMapping",
  "PulseSequenceDetails": "%SiemensSeq%\\gre_field_mapping",
  "ReceiveCoilName": "HeadMatrix",
  "ReconMatrixPE": 64,
  "RepetitionTime": 0.4,
  "SAR": 0.195052,
  "ScanningSequence": "GR",
  "SequenceName": "*fm2d2r",
  "SequenceVariant": "SP",
  "SeriesDescription": "CBU_FieldMapping",
  "SeriesNumber": 13,
  "ShimSetting": [
    -7844,
    -8614,
    -2373,
    974,
    -97,
    784,
    -344,
    -35
  ],
  "SliceThickness": 3,
  "SliceTiming": [
    0,
    0.20312,
    0.01562,
    0.21875,
    0.01562,
    0.23438,
    0.03125,
    0.25,
    0.04688,
    0.25,
    0.0625,
    0.26562,
    0.07812,
    0.28125,
    0.07812,
    0.29688,
    0.09375,
    0.29688,
    0.10938,
    0.3125,
    0.125,
    0.32812,
    0.125,
    0.34375,
    0.14062,
    0.34375,
    0.15625,
    0.35938,
    0.17188,
    0.375,
    0.1875,
    0.39062,
    0.1875
  ],
  "SoftwareVersions": "syngo MR B15",
  "SpacingBetweenSlices": 3.75,
  "StationName": "MRC35119",
  "TxRefAmp": 312.996,
  "dcmmeta_affine": [
    [
      -2.999880075454712,
      0.0,
      -0.033569999039173126,
      95.7728500366211
    ],
    [
      0.009836999699473381,
      2.791476011276245,
      -1.3736129999160767,
      -62.955299377441406
    ],
    [
      -0.02498999983072281,
      1.0989359617233276,
      3.489203929901123,
      -73.01433563232422
    ],
    [
      0.0,
      0.0,
      0.0,
      1.0
    ]
  ],
  "dcmmeta_reorient_transform": [
    [
      0.0,
      -1.0,
      0.0,
      63.0
    ],
    [
      1.0,
      0.0,
      0.0,
      0.0
    ],
    [
      0.0,
      0.0,
      -1.0,
      32.0
    ],
    [
      0.0,
      0.0,
      0.0,
      1.0
    ]
  ],
  "dcmmeta_shape": [
    64,
    64,
    33
  ],
  "dcmmeta_slice_dim": 2,
  "dcmmeta_version": 0.6,
  "global": {
    "const": {
      "AcquisitionMatrix": [
        64,
        0,
        0,
        64
      ],
      "AcquisitionNumber": 1,
      "AngioFlag": "N",
      "BitsAllocated": 16,
      "BitsStored": 12,
      "Columns": 64,
      "EchoNumbers": 2,
      "EchoTime": 7.65,
      "EchoTrainLength": 1,
      "FlipAngle": 60.0,
      "HighBit": 11,
      "ImageOrientationPatient": [
        0.99996,
        -0.003279,
        -0.00833,
        0.0,
        0.930492,
        -0.366312
      ],
      "ImageType": [
        "ORIGINAL",
        "PRIMARY",
        "P",
        "ND"
      ],
      "ImagedNucleus": "1H",
      "ImagingFrequency": 123.252081,
      "InPlanePhaseEncodingDirection": "COL",
      "MRAcquisitionType": "2D",
      "MagneticFieldStrength": 3.0,
      "Manufacturer": "SIEMENS",
      "ManufacturerModelName": "TrioTim",
      "Modality": "MR",
      "NumberOfAverages": 1.0,
      "NumberOfPhaseEncodingSteps": 64,
      "PercentPhaseFieldOfView": 100.0,
      "PercentSampling": 100.0,
      "PerformedProcedureStepStartTime": "171511.593000",
      "PhotometricInterpretation": "MONOCHROME2",
      "PixelAspectRatio": [
        1,
        1
      ],
      "PixelBandwidth": 260.0,
      "PixelRepresentation": 0,
      "PixelSpacing": [
        3.0,
        3.0
      ],
      "ProtocolName": "CBU_FieldMapping",
      "RepetitionTime": 400.0,
      "RescaleIntercept": -4096.0,
      "RescaleSlope": 2.0,
      "RescaleType": "US",
      "Rows": 64,
      "SAR": 0.195052,
      "SamplesPerPixel": 1,
      "ScanningSequence": "GR",
      "SequenceName": "*fm2d2r",
      "SequenceVariant": "SP",
      "SeriesDescription": "CBU_FieldMapping",
      "SeriesNumber": 13,
      "SeriesTime": "183559.875000",
      "SliceThickness": 3.0,
      "SoftwareVersions": "syngo MR B15",
      "SpacingBetweenSlices": 3.75,
      "SpecificCharacterSet": "ISO_IR 100",
      "StudyID": "1",
      "StudyTime": "171511.437000",
      "TransmitCoilName": "Body",
      "VariableFlipAngleFlag": "N",
      "WindowCenterWidthExplanation": "Algo1",
      "dBdt": 0.0
    },
