{
  "AcquisitionMatrixPE": 64,
  "AcquisitionNumber": 1,
  "AcquisitionTime": "11:14:47.975000",
  "BaseResolution": 64,
  "BidsGuess": [
    "fmap",
    "_acq-fm2_phasediff"
  ],
  "CoilCombinationMethod": "Adaptive Combine",
  "CoilString": "C:HEA;HEP",
  "ConversionSoftware": "dcm2niix",
  "ConversionSoftwareVersion": "v1.0.20240202",
  "DeviceSerialNumber": "35119",
  "DwellTime": 0.00003,
  "EchoNumber": 2,
  "EchoTime": 0.00765,
  "EchoTime1": 0.00519,
  "EchoTime2": 0.00765,
  "FlipAngle": 60,
  "HeudiconvVersion": "1.1.6",
  "ImageComments": "V",
  "ImageOrientationPatientDICOM": [
    0.99892,
    0.0184,
    0.042669,
    0,
    0.918262,
    -0.395973
  ],
  "ImageOrientationText": "Tra>Cor(-23.3)>Sag(2.7)",
  "ImageType": [
    "ORIGINAL",
    "PRIMARY",
    "P",
    "ND",
    "PHASE"
  ],
  "ImagingFrequency": 123.251745,
  "InPlanePhaseEncodingDirectionDICOM": "COL",
  "InstitutionAddress": "Chaucer Road  15,Cambridge,UK,GB,CB2 2EF",
  "InstitutionName": "MRC-CBU",
  "IntendedFor": [
    "ses-mri/func/sub-16_ses-mri_task-facerecognition_run-01_bold.nii.gz",
    "ses-mri/func/sub-16_ses-mri_task-facerecognition_run-02_bold.nii.gz",
    "ses-mri/func/sub-16_ses-mri_task-facerecognition_run-03_bold.nii.gz",
    "ses-mri/func/sub-16_ses-mri_task-facerecognition_run-04_bold.nii.gz",
    "ses-mri/func/sub-16_ses-mri_task-facerecognition_run-05_bold.nii.gz",
    "ses-mri/func/sub-16_ses-mri_task-facerecognition_run-06_bold.nii.gz",
    "ses-mri/func/sub-16_ses-mri_task-facerecognition_run-07_bold.nii.gz",
    "ses-mri/func/sub-16_ses-mri_task-facerecognition_run-08_bold.nii.gz",
    "ses-mri/func/sub-16_ses-mri_task-facerecognition_run-09_bold.nii.gz"
  ],
  "MRAcquisitionType": "2D",
  "MagneticFieldStrength": 3,
  "Manufacturer": "Siemens",
  "ManufacturersModelName": "TrioTim",
  "MatrixCoilMode": "SENSE",
  "Modality": "MR",
  "NonlinearGradientCorrection": false,
  "PartialFourier": 1,
  "PatientPosition": "HFS",
  "PercentPhaseFOV": 100,
  "PercentSampling": 100,
  "PhaseEncodingDirection": "j-",
  "PhaseEncodingSteps": 64,
  "PhaseResolution": 1,
  "PixelBandwidth": 260,
  "ProcedureStepDescription": "CBU^Neuroimaging",
  "ProtocolName": "CBU_FieldMapping",
  "PulseSequenceDetails": "%SiemensSeq%\\gre_field_mapping",
  "ReceiveCoilName": "HeadMatrix",
  "ReconMatrixPE": 64,
  "RepetitionTime": 0.4,
  "SAR": 0.250823,
  "ScanningSequence": "GR",
  "SequenceName": "*fm2d2r",
  "SequenceVariant": "SP",
  "SeriesDescription": "CBU_FieldMapping",
  "SeriesNumber": 13,
  "ShimSetting": [
    -7736,
    -8651,
    -1976,
    871,
    316,
    464,
    -140,
    27
  ],
  "SliceThickness": 3,
  "SliceTiming": [
    0,
    0.20312,
    0.00781,
    0.21875,
    0.02344,
    0.22656,
    0.03125,
    0.24219,
    0.04688,
    0.25,
    0.05469,
    0.26562,
    0.07031,
    0.27344,
    0.08594,
    0.28906,
    0.09375,
    0.30469,
    0.10938,
    0.3125,
    0.11719,
    0.32812,
    0.13281,
    0.33594,
    0.14062,
    0.35156,
    0.15625,
    0.36719,
    0.17188,
    0.375,
    0.17969,
    0.38281,
    0.1875
  ],
  "SoftwareVersions": "syngo MR B15",
  "SpacingBetweenSlices": 4.05,
  "StationName": "MRC35119",
  "TxRefAmp": 361.9,
  "dcmmeta_affine": [
    [
      -2.9967598915100098,
      0.0,
      0.1881909966468811,
      95.24860382080078
    ],
    [
      -0.0551999993622303,
      2.7547860145568848,
      -1.601958990097046,
      -46.591453552246094
    ],
    [
      0.12800699472427368,
      1.187919020652771,
      3.7149429321289062,
      -73.54073333740234
    ],
    [
      0.0,
      0.0,
      0.0,
      1.0
    ]
  ],
  "dcmmeta_reorient_transform": [
    [
      0.0,
      -1.0,
      0.0,
      63.0
    ],
    [
      1.0,
      0.0,
      0.0,
      0.0
    ],
    [
      0.0,
      0.0,
      -1.0,
      32.0
    ],
    [
      0.0,
      0.0,
      0.0,
      1.0
    ]
  ],
  "dcmmeta_shape": [
    64,
    64,
    33
  ],
  "dcmmeta_slice_dim": 2,
  "dcmmeta_version": 0.6,
  "global": {
    "const": {
      "AcquisitionMatrix": [
        64,
        0,
        0,
        64
      ],
      "AcquisitionNumber": 1,
      "AngioFlag": "N",
      "BitsAllocated": 16,
      "BitsStored": 12,
      "Columns": 64,
      "EchoNumbers": 2,
      "EchoTime": 7.65,
      "EchoTrainLength": 1,
      "FlipAngle": 60.0,
      "HighBit": 11,
      "ImageOrientationPatient": [
        0.99892,
        0.0184,
        0.042669,
        0.0,
        0.918262,
        -0.395973
      ],
      "ImageType": [
        "ORIGINAL",
        "PRIMARY",
        "P",
        "ND"
      ],
      "ImagedNucleus": "1H",
      "ImagingFrequency": 123.251745,
      "InPlanePhaseEncodingDirection": "COL",
      "MRAcquisitionType": "2D",
      "MagneticFieldStrength": 3.0,
      "Manufacturer": "SIEMENS",
      "ManufacturerModelName": "TrioTim",
      "Modality": "MR",
      "NumberOfAverages": 1.0,
      "NumberOfPhaseEncodingSteps": 64,
      "PercentPhaseFieldOfView": 100.0,
      "PercentSampling": 100.0,
      "PerformedProcedureStepStartTime": "095737.218000",
      "PhotometricInterpretation": "MONOCHROME2",
      "PixelAspectRatio": [
        1,
        1
      ],
      "PixelBandwidth": 260.0,
      "PixelRepresentation": 0,
      "PixelSpacing": [
        3.0,
        3.0
      ],
      "ProtocolName": "CBU_FieldMapping",
      "RepetitionTime": 400.0,
      "RescaleIntercept": -4096.0,
      "RescaleSlope": 2.0,
      "RescaleType": "US",
      "Rows": 64,
      "SAR": 0.250823,
      "SamplesPerPixel": 1,
      "ScanningSequence": "GR",
      "SequenceName": "*fm2d2r",
      "SequenceVariant": "SP",
      "SeriesDescription": "CBU_FieldMapping",
      "SeriesNumber": 13,
      "SeriesTime": "111542.187000",
      "SliceThickness": 3.0,
      "SoftwareVersions": "syngo MR B15",
      "SpacingBetweenSlices": 4.05,
      "SpecificCharacterSet": "ISO_IR 100",
      "StudyID": "1",
      "StudyTime": "095737.046000",
      "TransmitCoilName": "Body",
      "VariableFlipAngleFlag": "N",
      "WindowCenterWidthExplanation": "Algo1",
      "dBdt": 0.0
    },
